PATH
  remote: .
  specs:
    omniauth-linkedin-oauth2 (0.0.1)
      omniauth (~> 1.0)
      omniauth-oauth2

GEM
  remote: https://rubygems.org/
  specs:
    diff-lcs (1.2.1)
    faraday (0.8.6)
      multipart-post (~> 1.1)
    hashie (1.2.0)
    httpauth (0.2.0)
    jwt (0.1.5)
      multi_json (>= 1.0)
    multi_json (1.6.1)
    multipart-post (1.2.0)
    oauth2 (0.8.1)
      faraday (~> 0.8)
      httpauth (~> 0.1)
      jwt (~> 0.1.4)
      multi_json (~> 1.0)
      rack (~> 1.2)
    omniauth (1.1.3)
      hashie (~> 1.2)
      rack
    omniauth-oauth2 (1.1.1)
      oauth2 (~> 0.8.0)
      omniauth (~> 1.0)
    rack (1.5.2)
    rspec (2.13.0)
      rspec-core (~> 2.13.0)
      rspec-expectations (~> 2.13.0)
      rspec-mocks (~> 2.13.0)
    rspec-core (2.13.0)
    rspec-expectations (2.13.0)
      diff-lcs (>= 1.1.3, < 2.0)
    rspec-mocks (2.13.0)
    simplecov (0.7.1)
      multi_json (~> 1.0)
      simplecov-html (~> 0.7.1)
    simplecov-html (0.7.1)

PLATFORMS
  ruby

DEPENDENCIES
  omniauth-linkedin-oauth2!
  rspec (~> 2.13.0)
  simplecov
